PATH
  remote: ../..
  specs:
    database_cleaner (1.8.0)

PATH
  remote: .
  specs:
    database_cleaner-moped (1.8.0)
      database_cleaner (~> 1.8.0)
      moped

GEM
  remote: https://rubygems.org/
  specs:
    bson (3.2.7)
    connection_pool (2.2.2)
    diff-lcs (1.3)
    moped (2.0.7)
      bson (~> 3.0)
      connection_pool (~> 2.0)
      optionable (~> 0.2.0)
    optionable (0.2.0)
    rake (10.4.2)
    rspec (3.7.0)
      rspec-core (~> 3.7.0)
      rspec-expectations (~> 3.7.0)
      rspec-mocks (~> 3.7.0)
    rspec-core (3.7.1)
      rspec-support (~> 3.7.0)
    rspec-expectations (3.7.0)
      diff-lcs (>= 1.2.0, < 2.0)
      rspec-support (~> 3.7.0)
    rspec-mocks (3.7.0)
      diff-lcs (>= 1.2.0, < 2.0)
      rspec-support (~> 3.7.0)
    rspec-support (3.7.1)

PLATFORMS
  ruby

DEPENDENCIES
  bundler (~> 1.16)
  database_cleaner!
  database_cleaner-moped!
  rake (~> 10.0)
  rspec (~> 3.0)

BUNDLED WITH
   1.17.3
